GIT
  remote: https://github.com/kubernetes-client/ruby
  revision: 5b3a0959317d93f80ab454ca3ede5726e3d954d3
  specs:
    kubernetes (1.0.0.pre.alpha1)
      json (~> 2.1, >= 2.1.0)
      typhoeus (~> 1.0, >= 1.0.1)

GEM
  remote: https://rubygems.org/
  specs:
    ethon (0.11.0)
      ffi (>= 1.3.0)
    ffi (1.9.25)
    json (2.1.0)
    nio4r (2.5.2)
    puma (4.3.1)
      nio4r (~> 2.0)
    rack (2.1.4)
    rack-health (0.1.2)
      rack (>= 1.2.0)
    typhoeus (1.3.1)
      ethon (>= 0.9.0)

PLATFORMS
  ruby

DEPENDENCIES
  kubernetes!
  puma
  rack
  rack-health

BUNDLED WITH
   2.0.2
